GEM
  remote: https://rubygems.org/
  specs:
    ansi (1.5.0)
    builder (3.2.2)
    minitest (5.8.5)
    minitest-pretty_diff (0.1)
    minitest-reporters (1.1.13)
      ansi
      builder
      minitest (>= 5.0)
      ruby-progressbar
    ruby-progressbar (1.8.1)
    sqlite3 (1.3.12)

PLATFORMS
  ruby

DEPENDENCIES
  minitest (~> 5.8.5)
  minitest-pretty_diff (~> 0.1)
  minitest-reporters (~> 1.1.13)
  sqlite3 (~> 1.3.12)

BUNDLED WITH
   1.13.0
